GEM
  remote: https://rubygems.org/
  specs:
    addressable (2.6.0)
      public_suffix (>= 2.0.2, < 4.0)
    json-schema (2.8.1)
      addressable (>= 2.4)
    public_suffix (3.0.3)
    ruby_yappl (0.1.4)
      json-schema (~> 2.8)

PLATFORMS
  ruby

DEPENDENCIES
  ruby_yappl (= 0.1.4)

RUBY VERSION
   ruby 2.5.3p105

BUNDLED WITH
   1.17.1
