GEM
  remote: https://rubygems.org/
  specs:
    graph_lib (0.0.1)

PLATFORMS
  ruby

DEPENDENCIES
  graph_lib (= 0.0.1)

RUBY VERSION
   ruby 2.5.3p105

BUNDLED WITH
   1.17.1
